GIT
  remote: git://github.com/collectiveidea/delayed_job.git
  revision: fcca64c20c60b5d93d2ca7ad416ae30e33e588e7
  specs:
    delayed_job (2.1.1)
      activesupport (~> 3.0)
      daemons

GIT
  remote: http://github.com/odorcicd/authlogic.git
  revision: a087ad0cba3c165ba22fcf176c28b6f7517931e8
  branch: rails3
  specs:
    authlogic (2.1.3)
      activesupport

GEM
  remote: http://rubygems.org/
  specs:
    ZenTest (4.4.0)
    abstract (1.0.0)
    actionmailer (3.0.3)
      actionpack (= 3.0.3)
      mail (~> 2.2.9)
    actionpack (3.0.3)
      activemodel (= 3.0.3)
      activesupport (= 3.0.3)
      builder (~> 2.1.2)
      erubis (~> 2.6.6)
      i18n (~> 0.4)
      rack (~> 1.2.1)
      rack-mount (~> 0.6.13)
      rack-test (~> 0.5.6)
      tzinfo (~> 0.3.23)
    activemodel (3.0.3)
      activesupport (= 3.0.3)
      builder (~> 2.1.2)
      i18n (~> 0.4)
    activerecord (3.0.3)
      activemodel (= 3.0.3)
      activesupport (= 3.0.3)
      arel (~> 2.0.2)
      tzinfo (~> 0.3.23)
    activeresource (3.0.3)
      activemodel (= 3.0.3)
      activesupport (= 3.0.3)
    activesupport (3.0.3)
    arel (2.0.3)
    autotest-rails (4.1.0)
      ZenTest
    breadcrumbs_on_rails (1.0.1)
    builder (2.1.2)
    capybara (0.4.0)
      celerity (>= 0.7.9)
      culerity (>= 0.2.4)
      mime-types (>= 1.16)
      nokogiri (>= 1.3.3)
      rack (>= 1.0.0)
      rack-test (>= 0.5.4)
      selenium-webdriver (>= 0.0.27)
      xpath (~> 0.1.2)
    celerity (0.8.4)
    childprocess (0.1.4)
      ffi (~> 0.6.3)
    chronic (0.3.0)
    configatron (2.6.4)
      yamler (>= 0.1.0)
    cover_me (1.0.0.rc4)
      configatron
      hashie
    culerity (0.2.12)
    daemons (1.1.0)
    database_cleaner (0.6.0)
    declarative_authorization (0.5.1)
    delorean (0.2.0)
      chronic
    diff-lcs (1.1.2)
    email_spec (1.0.0)
    erubis (2.6.6)
      abstract (>= 1.0.0)
    factory_girl (1.3.2)
    factory_girl_rails (1.0)
      factory_girl (~> 1.3)
      rails (>= 3.0.0.beta4)
    ffi (0.6.3)
      rake (>= 0.8.7)
    gravtastic (3.1.0)
    hashie (0.4.0)
    hoe (2.7.0)
      rake (>= 0.8.7)
      rubyforge (>= 2.0.4)
    i18n (0.4.2)
    json_pure (1.4.6)
    mail (2.2.9.1)
      activesupport (>= 2.3.6)
      i18n (>= 0.4.1)
      mime-types (~> 1.16)
      treetop (~> 1.4.8)
    mime-types (1.16)
    mocha (0.9.9)
      rake
    nokogiri (1.4.4)
    paperclip (2.3.5)
      activerecord
      activesupport
    polyglot (0.3.1)
    rack (1.2.1)
    rack-mount (0.6.13)
      rack (>= 1.0.0)
    rack-test (0.5.6)
      rack (>= 1.0)
    rails (3.0.3)
      actionmailer (= 3.0.3)
      actionpack (= 3.0.3)
      activerecord (= 3.0.3)
      activeresource (= 3.0.3)
      activesupport (= 3.0.3)
      bundler (~> 1.0)
      railties (= 3.0.3)
    rails-erd (0.4.1)
      activerecord (~> 3.0)
      activesupport (~> 3.0)
      ruby-graphviz (~> 0.9.18)
    railties (3.0.3)
      actionpack (= 3.0.3)
      activesupport (= 3.0.3)
      rake (>= 0.8.7)
      thor (~> 0.14.4)
    rake (0.8.7)
    rcov (0.9.9)
    rspec (2.1.0)
      rspec-core (~> 2.1.0)
      rspec-expectations (~> 2.1.0)
      rspec-mocks (~> 2.1.0)
    rspec-core (2.1.0)
    rspec-expectations (2.1.0)
      diff-lcs (~> 1.1.2)
    rspec-mocks (2.1.0)
    rspec-rails (2.1.0)
      rspec (~> 2.1.0)
    ruby-graphviz (0.9.20)
    ruby-mysql (2.9.3)
    ruby_parser (2.0.5)
      sexp_processor (~> 3.0)
    rubyforge (2.0.4)
      json_pure (>= 1.1.7)
    rubyzip (0.9.4)
    selenium-webdriver (0.1.0)
      childprocess (= 0.1.4)
      ffi (~> 0.6.3)
      json_pure
      rubyzip
    sexp_processor (3.0.5)
    spork (0.8.4)
    sqlite3-ruby (1.3.2)
    steak (1.0.0.rc.2)
      rspec
    test-unit (2.1.1)
    thor (0.14.4)
    treetop (1.4.9)
      polyglot (>= 0.3.1)
    tzinfo (0.3.23)
    will_paginate (3.0.pre2)
    xpath (0.1.2)
      nokogiri (~> 1.3)
    yamler (0.1.0)

PLATFORMS
  ruby

DEPENDENCIES
  ZenTest
  authlogic!
  autotest-rails
  breadcrumbs_on_rails
  capybara
  configatron
  cover_me (>= 1.0.0.pre2)
  database_cleaner
  declarative_authorization
  delayed_job!
  delorean
  email_spec
  factory_girl_rails
  gravtastic
  hoe
  mocha
  nokogiri
  paperclip
  rails (~> 3.0.3)
  rails-erd
  rcov
  rspec-rails (>= 2.0.0.beta.19)
  ruby-mysql
  ruby_parser
  rubyforge
  spork
  sqlite3-ruby
  steak (>= 1.0.0.rc.1)
  test-unit
  will_paginate (~> 3.0.pre2)
